GEM
  remote: http://rubygems.org/
  specs:
    addressable (2.2.8)
    builder (3.0.0)
    capybara (1.1.2)
      mime-types (>= 1.16)
      nokogiri (>= 1.3.3)
      rack (>= 1.0.0)
      rack-test (>= 0.5.4)
      selenium-webdriver (~> 2.0)
      xpath (~> 0.1.4)
    childprocess (0.3.2)
      ffi (~> 1.0.6)
    cucumber (1.2.0)
      builder (>= 2.1.2)
      diff-lcs (>= 1.1.3)
      gherkin (~> 2.10.0)
      json (>= 1.4.6)
    diff-lcs (1.1.3)
    ffi (1.0.11)
    gherkin (2.10.0)
      json (>= 1.4.6)
    httparty (0.8.3)
      multi_json (~> 1.0)
      multi_xml
    json (1.7.3)
    libwebsocket (0.1.3)
      addressable
    mime-types (1.18)
    multi_json (1.3.5)
    multi_xml (0.5.1)
    nokogiri (1.5.2)
    rack (1.4.1)
    rack-test (0.6.1)
      rack (>= 1.0)
    rake (0.9.2.2)
    rspec (2.10.0)
      rspec-core (~> 2.10.0)
      rspec-expectations (~> 2.10.0)
      rspec-mocks (~> 2.10.0)
    rspec-core (2.10.1)
    rspec-expectations (2.10.0)
      diff-lcs (~> 1.1.3)
    rspec-mocks (2.10.1)
    rubyzip (0.9.8)
    selenium-webdriver (2.21.2)
      childprocess (>= 0.2.5)
      ffi (~> 1.0)
      libwebsocket (~> 0.1.3)
      multi_json (~> 1.0)
      rubyzip
    xpath (0.1.4)
      nokogiri (~> 1.3)

PLATFORMS
  ruby

DEPENDENCIES
  bundler
  capybara
  cucumber
  httparty
  rack-test
  rake
  rspec
